GEM
  remote: http://rubygems.org/
  specs:
    RubyInline (3.8.6)
      ZenTest (~> 4.3)
    ZenTest (4.4.0)
    actionmailer (2.3.8)
      actionpack (= 2.3.8)
    actionpack (2.3.8)
      activesupport (= 2.3.8)
      rack (~> 1.1.0)
    activerecord (2.3.8)
      activesupport (= 2.3.8)
    activeresource (2.3.8)
      activesupport (= 2.3.8)
    activesupport (2.3.8)
    builder (2.1.2)
    cgi_multipart_eof_fix (2.5.0)
    curb (0.7.8)
    daemons (1.1.0)
    ezcrypto (0.7.2)
    fastthread (1.0.7)
    feedzirra (0.0.24)
      activesupport (>= 2.3.8)
      builder (>= 2.1.2)
      curb (>= 0.2.3)
      loofah (>= 0.3.1)
      nokogiri (> 0.0.0)
      sax-machine (>= 0.0.12)
    gem_plugin (0.2.3)
    gruff (0.3.6)
    hpricot (0.6)
    htmlentities (4.0.0)
    image_science (1.2.1)
    loofah (0.4.7)
      nokogiri (>= 1.3.3)
    mini_portile2 (2.8.0)
    mongrel (1.1.5)
      cgi_multipart_eof_fix (>= 2.4)
      daemons (>= 1.0.3)
      fastthread (>= 1.0.1)
      gem_plugin (>= 0.2.3)
    nokogiri (1.13.5)
      mini_portile2 (~> 2.8.0)
      racc (~> 1.4)
    pg (0.9.0)
    racc (1.6.0)
    rack (1.1.0)
    rails (2.3.8)
      actionmailer (= 2.3.8)
      actionpack (= 2.3.8)
      activerecord (= 2.3.8)
      activeresource (= 2.3.8)
      activesupport (= 2.3.8)
      rake (>= 0.8.3)
    rake (0.8.7)
    rmagick (2.13.1)
    sax-machine (0.0.15)
      nokogiri (> 0.0.0)
    will_paginate (2.3.15)

PLATFORMS
  ruby

DEPENDENCIES
  RubyInline (= 3.8.6)
  ZenTest (= 4.4.0)
  actionmailer (= 2.3.8)
  actionpack (= 2.3.8)
  activerecord (= 2.3.8)
  activeresource (= 2.3.8)
  activesupport (= 2.3.8)
  builder (= 2.1.2)
  cgi_multipart_eof_fix (= 2.5.0)
  curb (= 0.7.8)
  daemons (= 1.1.0)
  ezcrypto (= 0.7.2)
  fastthread (= 1.0.7)
  feedzirra (= 0.0.24)
  gem_plugin (= 0.2.3)
  gruff (= 0.3.6)
  hpricot (= 0.6)
  htmlentities (= 4.0.0)
  image_science (= 1.2.1)
  loofah (= 0.4.7)
  mongrel (= 1.1.5)
  nokogiri (= 1.13.5)
  pg (= 0.9.0)
  rack (= 1.1.0)
  rails (= 2.3.8)
  rake (= 0.8.7)
  rmagick (= 2.13.1)
  sax-machine (= 0.0.15)
  will_paginate (= 2.3.15)
